GEM
  remote: https://rubygems.org/
  specs:
    caracal (1.4.1)
      nokogiri (~> 1.6)
      rubyzip (~> 1.1)
      tilt (>= 1.4)
    language_server-protocol (3.17.0.3)
    nokogiri (1.14.2-x86_64-linux)
      racc (~> 1.4)
    prettier_print (1.2.1)
    racc (1.6.2)
    ruby-lsp (0.4.1)
      language_server-protocol (~> 3.17.0)
      sorbet-runtime
      syntax_tree (>= 6, < 7)
    rubyzip (1.3.0)
    sorbet-runtime (0.5.10712)
    syntax_tree (6.0.2)
      prettier_print (>= 1.2.0)
    tilt (2.1.0)

PLATFORMS
  x86_64-linux

DEPENDENCIES
  caracal
  ruby-lsp (~> 0.4.1)

BUNDLED WITH
   2.3.16
